GIT
  remote: https://github.com/cloudwalkio/da_funk.git
  revision: a323fece570a2ea37082f9b7f21669a959dfb34c
  specs:
    da_funk (0.2.0)

GIT
  remote: https://github.com/scalone/walk-simplehttp-poc.git
  revision: 4e25bd8e1b2cf9f45db1f0c72e9e213a21c817b6
  specs:
    simplehttp (0.1.0)

GEM
  remote: https://rubygems.org/
  specs:
    rake (10.4.2)

PLATFORMS
  ruby

DEPENDENCIES
  da_funk!
  rake
  simplehttp!
