GIT
  remote: https://github.com/cloudwalkio/da_funk.git
  revision: 3c7a1401f1c4afac78a6a4ac78e5fc34bd25a4f8
  specs:
    da_funk (0.3.1)
      bundler (>= 1.7)
      rake (~> 10.4.2)
      rdoc (>= 4.1.1)
      yard (>= 0.8)

GIT
  remote: https://github.com/scalone/walk-simplehttp-poc.git
  revision: 4e25bd8e1b2cf9f45db1f0c72e9e213a21c817b6
  specs:
    simplehttp (0.1.0)

GEM
  remote: https://rubygems.org/
  specs:
    json (1.8.1)
    rake (10.4.2)
    rdoc (4.2.0)
      json (~> 1.4)
    yard (0.8.7.6)

PLATFORMS
  ruby

DEPENDENCIES
  da_funk!
  rake
  simplehttp!
